FRAMEWORK: >= NET452
NUGET
  remote: https://api.nuget.org/v3/index.json
    MSTest.TestAdapter (1.1.11)
    MSTest.TestFramework (1.1.11)
    MultiClient (0.0.4)
      Newtonsoft.Json (>= 9.0.1)
    Newtonsoft.Json (9.0.1)
    System.ValueTuple (4.3)
