FRAMEWORK: >= NET452
NUGET
  remote: https://api.nuget.org/v3/index.json
    MultiClient (0.0.2)
      Newtonsoft.Json (>= 9.0.1)
    Newtonsoft.Json (9.0.1)
