FRAMEWORK: >= NET452
NUGET
  remote: https://api.nuget.org/v3/index.json
    Newtonsoft.Json (9.0.1)
